GEM
  remote: https://rubygems.org/
  specs:
    yaml (0.2.1)

PLATFORMS
  x86_64-darwin-21

DEPENDENCIES
  yaml

BUNDLED WITH
  2.4.1
